GEM
  remote: https://rubygems.org/
  specs:
    colorize (0.7.5)
    terminal-notifier (1.6.2)

PLATFORMS
  ruby

DEPENDENCIES
  colorize
  terminal-notifier
